GEM
  remote: http://rubygems.org/
  specs:
    activemodel (3.1.3)
      activesupport (= 3.1.3)
      builder (~> 3.0.0)
      i18n (~> 0.6)
    activesupport (3.1.3)
      multi_json (~> 1.0)
    builder (3.0.0)
    hirb (0.6.0)
    i18n (0.6.0)
    macaddr (1.5.0)
      systemu (>= 2.4.0)
    multi_json (1.0.4)
    rake (0.8.7)
    rspec (1.3.0)
    systemu (2.4.2)
    uuid (2.3.4)
      macaddr (~> 1.0)
    validatable (1.6.7)
    wirb (0.4.1)
    wirble (0.1.3)

PLATFORMS
  ruby

DEPENDENCIES
  activemodel (~> 3.1.0)
  activesupport (~> 3.1.3)
  hirb (~> 0.6.0)
  i18n (~> 0.6.0)
  rake (= 0.8.7)
  rspec (= 1.3.0)
  uuid (~> 2.3.4)
  validatable (= 1.6.7)
  wirb (~> 0.4.1)
  wirble (~> 0.1.3)
