GEM
  remote: http://rubygems.org/
  specs:
    activesupport (2.3.14)
    hirb (0.6.0)
    macaddr (1.5.0)
      systemu (>= 2.4.0)
    rake (0.8.7)
    rspec (1.3.0)
    systemu (2.4.2)
    uuid (2.3.4)
      macaddr (~> 1.0)
    validatable (1.6.7)
    wirb (0.4.1)
    wirble (0.1.3)

PLATFORMS
  ruby

DEPENDENCIES
  activesupport (~> 2.3.8)
  hirb
  rake (= 0.8.7)
  rspec (= 1.3.0)
  uuid (~> 2.3.1)
  validatable (~> 1.6.7)
  wirb
  wirble
